GEM
  remote: https://rubygems.org/
  specs:
    ansi (1.5.0)
    ast (2.4.0)
    beaker (4.7.0)
      beaker-hostgenerator
      hocon (~> 1.0)
      in-parallel (~> 0.1)
      inifile (~> 3.0)
      minitar (~> 0.6)
      minitest (~> 5.4)
      net-scp (~> 1.2)
      net-ssh (~> 5.0)
      open_uri_redirections (~> 0.2.1)
      pry-byebug (~> 3.6)
      rb-readline (~> 0.5.3)
      rsync (~> 1.0.9)
      stringify-hash (~> 0.0)
      thor (~> 0.19)
    beaker-abs (0.5.0)
    beaker-hostgenerator (1.1.27)
      deep_merge (~> 1.0)
      stringify-hash (~> 0.0.0)
    beaker-puppet (1.17.0)
      beaker (~> 4.1)
      in-parallel (~> 0.1)
      oga
      stringify-hash (~> 0.0.0)
    beaker-vagrant (0.6.2)
      stringify-hash (~> 0.0.0)
    beaker-vmpooler (1.3.3)
      stringify-hash (~> 0.0.0)
    byebug (11.0.1)
    coderay (1.1.2)
    deep_merge (1.2.1)
    hocon (1.2.5)
    in-parallel (0.1.17)
    inifile (3.0.0)
    method_source (0.9.2)
    minitar (0.8)
    minitest (5.11.3)
    multi_json (1.13.1)
    net-scp (1.2.1)
      net-ssh (>= 2.6.5)
    net-ssh (5.2.0)
    oga (2.15)
      ast
      ruby-ll (~> 2.1)
    open_uri_redirections (0.2.1)
    pry (0.12.2)
      coderay (~> 1.1.0)
      method_source (~> 0.9.0)
    pry-byebug (3.7.0)
      byebug (~> 11.0)
      pry (~> 0.10)
    rake (12.3.3)
    rb-readline (0.5.5)
    rsync (1.0.9)
    ruby-ll (2.1.2)
      ansi
      ast
    stringify-hash (0.0.2)
    thor (0.20.3)

PLATFORMS
  ruby

DEPENDENCIES
  beaker (~> 4)
  beaker-abs (~> 0.5)
  beaker-hostgenerator (~> 1.1)
  beaker-puppet (~> 1)
  beaker-vagrant (~> 0)
  beaker-vmpooler (~> 1)
  multi_json (~> 1.8)
  rake (~> 12.3.3)

BUNDLED WITH
   1.16.6
